GEM
  remote: https://rubygems.org/
  specs:
    archive-tar-minitar (0.6.1)
      minitar (~> 0.6)
      minitar-cli (~> 0.6)
    arr-pm (0.0.10)
      cabin (> 0)
    backports (3.11.1)
    cabin (0.9.0)
    childprocess (0.8.0)
      ffi (~> 1.0, >= 1.0.11)
    clamp (0.6.5)
    corefines (1.11.0)
    facter (2.5.1)
    faraday (0.13.1)
      multipart-post (>= 1.2, < 3)
    faraday_middleware (0.12.2)
      faraday (>= 0.7.4, < 1.0)
    fast_gettext (1.1.2)
    ffi (1.9.18)
    fpm (1.5.0)
      archive-tar-minitar
      arr-pm (~> 0.0.10)
      backports (>= 2.6.2)
      cabin (>= 0.6.0)
      childprocess
      clamp (~> 0.6)
      corefines (~> 1.9)
      ffi
      json (>= 1.7.7)
      ruby-xz
    gettext (3.2.6)
      locale (>= 2.0.5)
      text (>= 1.3.0)
    gettext-setup (0.29)
      fast_gettext (~> 1.1.0)
      gettext (>= 3.0.2)
      locale
    hashie (3.5.7)
    hiera (1.3.4)
      json_pure
    io-like (0.3.0)
    json (2.1.0)
    json_pure (2.1.0)
    librarian-puppet (2.2.3)
      librarianp (>= 0.6.3)
      puppet_forge (~> 2.1)
      rsync
    librarianp (0.6.4)
      thor (~> 0.15)
    locale (2.1.2)
    minitar (0.6.1)
    minitar-cli (0.6.1)
      minitar (~> 0.6.0)
      powerbar (~> 1.0)
    multipart-post (2.0.0)
    powerbar (1.0.18)
      hashie (>= 1.1.0)
    puppet (3.8.7)
      facter (> 1.6, < 3)
      hiera (~> 1.0)
      json_pure
    puppet_forge (2.2.9)
      faraday (>= 0.9.0, < 0.14.0)
      faraday_middleware (>= 0.9.0, < 0.13.0)
      gettext-setup (~> 0.11)
      minitar
      semantic_puppet (~> 1.0)
    rsync (1.0.9)
    ruby-xz (0.2.3)
      ffi (~> 1.9)
      io-like (~> 0.3)
    safe_yaml (1.0.4)
    semantic_puppet (1.0.1)
      gettext-setup (>= 0.3)
    text (1.3.1)
    thor (0.20.0)

PLATFORMS
  ruby

DEPENDENCIES
  fpm (= 1.5.0)
  librarian-puppet (= 2.2.3)
  puppet (= 3.8.7)
  safe_yaml (= 1.0.4)

BUNDLED WITH
   1.16.1
